GEM
  remote: https://rubygems.org/
  specs:
    ast (2.4.2)
    json (2.7.1)
    language_server-protocol (3.17.0.3)
    lint_roller (1.1.0)
    parallel (1.24.0)
    parser (3.3.0.5)
      ast (~> 2.4.1)
      racc
    racc (1.7.3)
    rainbow (3.1.1)
    regexp_parser (2.9.0)
    rexml (3.2.6)
    rubocop (1.60.2)
      json (~> 2.3)
      language_server-protocol (>= 3.17.0)
      parallel (~> 1.10)
      parser (>= 3.3.0.2)
      rainbow (>= 2.2.2, < 4.0)
      regexp_parser (>= 1.8, < 3.0)
      rexml (>= 3.2.5, < 4.0)
      rubocop-ast (>= 1.30.0, < 2.0)
      ruby-progressbar (~> 1.7)
      unicode-display_width (>= 2.4.0, < 3.0)
    rubocop-ast (1.30.0)
      parser (>= 3.2.1.0)
    rubocop-performance (1.20.2)
      rubocop (>= 1.48.1, < 2.0)
      rubocop-ast (>= 1.30.0, < 2.0)
    ruby-progressbar (1.13.0)
    standard (1.34.0)
      language_server-protocol (~> 3.17.0.2)
      lint_roller (~> 1.0)
      rubocop (~> 1.60)
      standard-custom (~> 1.0.0)
      standard-performance (~> 1.3)
    standard-custom (1.0.2)
      lint_roller (~> 1.0)
      rubocop (~> 1.50)
    standard-performance (1.3.1)
      lint_roller (~> 1.1)
      rubocop-performance (~> 1.20.2)
    standardrb (1.0.1)
      standard
    unicode-display_width (2.5.0)

PLATFORMS
  arm64-darwin-23
  ruby
  universal-darwin-19
  x86_64-darwin-19

DEPENDENCIES
  standardrb

RUBY VERSION
   ruby 3.3.0p0

BUNDLED WITH
   2.2.2
